GEM
  remote: https://rubygems.org/
  specs:
    Platform (0.4.0)
    open4 (1.3.0)
    popen4 (0.1.2)
      Platform (>= 0.4.0)
      open4 (>= 0.4.0)

PLATFORMS
  ruby

DEPENDENCIES
  popen4
